GEM
  remote: http://rubygems.org/
  specs:
    git (1.2.5)
    jeweler (1.8.4)
      bundler (~> 1.0)
      git (>= 1.2.5)
      rake
      rdoc
    metaclass (0.0.1)
    minitest (4.7.0)
    mocha (0.13.3)
      metaclass (~> 0.0.1)
    open4 (1.3.0)
    rake (10.0.4)
    rdoc (6.3.2)

PLATFORMS
  ruby

DEPENDENCIES
  bundler
  jeweler
  minitest
  mocha
  open4 (~> 1.3.0)
