GEM
  remote: http://rubygems.org/
  specs:
    addressable (2.8.1)
      public_suffix (>= 2.0.2, < 6.0)
    git (1.13.0)
      addressable (~> 2.8)
      rchardet (~> 1.8)
    jeweler (1.8.4)
      bundler (~> 1.0)
      git (>= 1.2.5)
      rake
      rdoc
    json (1.7.7)
    metaclass (0.0.1)
    minitest (4.7.0)
    mocha (0.13.3)
      metaclass (~> 0.0.1)
    open4 (1.3.0)
    public_suffix (5.0.1)
    rake (10.0.4)
    rchardet (1.8.0)
    rdoc (4.0.1)
      json (~> 1.4)

PLATFORMS
  ruby

DEPENDENCIES
  bundler
  jeweler
  minitest
  mocha
  open4 (~> 1.3.0)
